GEM
  specs:
    date (3.1.0)
    nokogiri (1.14.0-x86_64-linux)
      racc (~> 1.4)
    open-uri (0.1.0)
      stringio
      time
      uri
    racc (1.5.1)
    regexp_parser (2.6.2)
    rexml (3.2.5)
    rubyzip (2.3.2)
    selenium-webdriver (4.8.0)
      rexml (~> 3.2, >= 3.2.5)
      rubyzip (>= 1.2.2, < 3.0)
      websocket (~> 1.0)
    stringio (3.0.0)
    time (0.1.0)
      date
    uri (0.10.1)
    watir (7.2.2)
      regexp_parser (>= 1.2, < 3)
      selenium-webdriver (~> 4.2)
    websocket (1.2.9)

PLATFORMS
  x86_64-linux

DEPENDENCIES
  nokogiri
  open-uri
  watir

BUNDLED WITH
   2.4.5
